GEM
  remote: https://rubygems.org/
  specs:
    mini_magick (4.8.0)
    pkg-config (1.5.5)
    rmagick (5.3.0)
      pkg-config (~> 1.4)

PLATFORMS
  ruby

DEPENDENCIES
  mini_magick
  rmagick (~> 5.3.0)

BUNDLED WITH
   1.15.4
